GEM
  remote: https://rubygems.org/
  specs:
    addressable (2.4.0)
    builder (3.2.2)
    capybara (2.10.1)
      addressable
      mime-types (>= 1.16)
      nokogiri (>= 1.3.3)
      rack (>= 1.0.0)
      rack-test (>= 0.5.4)
      xpath (~> 2.0)
    capybara-webkit (1.1.0)
      capybara (~> 2.0, >= 2.0.2)
      json
    cucumber (1.3.20)
      builder (>= 2.1.2)
      diff-lcs (>= 1.1.3)
      gherkin (~> 2.12)
      multi_json (>= 1.7.5, < 2.0)
      multi_test (>= 0.1.2)
    diff-lcs (1.1.3)
    gherkin (2.12.2)
      multi_json (~> 1.3)
    json (2.0.3)
    mime-types (2.99.3)
    minitest (5.8.4)
    multi_json (1.12.1)
    multi_test (0.1.2)
    nokogiri (1.5.5)
    plek (1.11.0)
    rack (2.0.1)
    rack-test (0.6.3)
      rack (>= 1.0)
    rake (0.9.2.2)
    rest-client (1.6.7)
      mime-types (>= 1.16)
    rspec (2.11.0)
      rspec-core (~> 2.11.0)
      rspec-expectations (~> 2.11.0)
      rspec-mocks (~> 2.11.0)
    rspec-core (2.11.1)
    rspec-expectations (2.11.3)
      diff-lcs (~> 1.1.3)
    rspec-mocks (2.11.3)
    xpath (2.0.0)
      nokogiri (~> 1.3)

PLATFORMS
  ruby

DEPENDENCIES
  capybara (~> 2.0)
  capybara-webkit (~> 1.1)
  cucumber (= 1.3.20)
  minitest (= 5.8.4)
  nokogiri (= 1.5.5)
  plek (= 1.11.0)
  rake (= 0.9.2.2)
  rest-client (= 1.6.7)
  rspec (= 2.11.0)

BUNDLED WITH
   1.12.5
