GEM
  remote: https://rubygems.org/
  specs:
    addressable (2.4.0)
    builder (3.2.2)
    capybara (2.10.1)
      addressable
      mime-types (>= 1.16)
      nokogiri (>= 1.3.3)
      rack (>= 1.0.0)
      rack-test (>= 0.5.4)
      xpath (~> 2.0)
    capybara-mechanize (1.5.0)
      capybara (~> 2.4, >= 2.4.4)
      mechanize (~> 2.7.0)
    cucumber (1.3.20)
      builder (>= 2.1.2)
      diff-lcs (>= 1.1.3)
      gherkin (~> 2.12)
      multi_json (>= 1.7.5, < 2.0)
      multi_test (>= 0.1.2)
    diff-lcs (1.1.3)
    domain_name (0.5.20160826)
      unf (>= 0.0.5, < 1.0.0)
    gherkin (2.12.2)
      multi_json (~> 1.3)
    http-cookie (1.0.3)
      domain_name (~> 0.5)
    mechanize (2.7.3)
      domain_name (~> 0.5, >= 0.5.1)
      http-cookie (~> 1.0)
      mime-types (~> 2.0)
      net-http-digest_auth (~> 1.1, >= 1.1.1)
      net-http-persistent (~> 2.5, >= 2.5.2)
      nokogiri (~> 1.4)
      ntlm-http (~> 0.1, >= 0.1.1)
      webrobots (>= 0.0.9, < 0.2)
    mime-types (2.99.3)
    minitest (5.8.4)
    multi_json (1.12.1)
    multi_test (0.1.2)
    net-http-digest_auth (1.4)
    net-http-persistent (2.9.4)
    nokogiri (1.5.5)
    ntlm-http (0.1.1)
    plek (1.11.0)
    rack (2.0.1)
    rack-test (0.6.3)
      rack (>= 1.0)
    rake (0.9.2.2)
    rest-client (1.6.7)
      mime-types (>= 1.16)
    rspec (2.11.0)
      rspec-core (~> 2.11.0)
      rspec-expectations (~> 2.11.0)
      rspec-mocks (~> 2.11.0)
    rspec-core (2.11.1)
    rspec-expectations (2.11.3)
      diff-lcs (~> 1.1.3)
    rspec-mocks (2.11.3)
    unf (0.1.4)
      unf_ext
    unf_ext (0.0.7.2)
    webrobots (0.1.2)
    xpath (2.0.0)
      nokogiri (~> 1.3)

PLATFORMS
  ruby

DEPENDENCIES
  capybara (~> 2.0)
  capybara-mechanize
  cucumber (= 1.3.20)
  minitest (= 5.8.4)
  nokogiri (= 1.5.5)
  plek (= 1.11.0)
  rake (= 0.9.2.2)
  rest-client (= 1.6.7)
  rspec (= 2.11.0)

BUNDLED WITH
   1.12.5
