GEM
  remote: https://rubygems.org/
  specs:
    builder (3.2.2)
    capybara (1.1.2)
      mime-types (>= 1.16)
      nokogiri (>= 1.3.3)
      rack (>= 1.0.0)
      rack-test (>= 0.5.4)
      selenium-webdriver (~> 2.0)
      xpath (~> 0.1.4)
    capybara-mechanize (0.3.0)
      capybara (~> 1.1)
      mechanize (~> 2.3)
    childprocess (0.5.9)
      ffi (~> 1.0, >= 1.0.11)
    cucumber (1.2.5)
      builder (>= 2.1.2)
      diff-lcs (>= 1.1.3)
      gherkin (~> 2.11.7)
      multi_json (~> 1.3)
    diff-lcs (1.1.3)
    domain_name (0.5.20160310)
      unf (>= 0.0.5, < 1.0.0)
    ffi (1.9.10)
    gherkin (2.11.8)
      multi_json (~> 1.3)
    http-cookie (1.0.2)
      domain_name (~> 0.5)
    mechanize (2.7.3)
      domain_name (~> 0.5, >= 0.5.1)
      http-cookie (~> 1.0)
      mime-types (~> 2.0)
      net-http-digest_auth (~> 1.1, >= 1.1.1)
      net-http-persistent (~> 2.5, >= 2.5.2)
      nokogiri (~> 1.4)
      ntlm-http (~> 0.1, >= 0.1.1)
      webrobots (>= 0.0.9, < 0.2)
    mime-types (2.99.1)
    minitest (5.8.4)
    multi_json (1.12.1)
    net-http-digest_auth (1.4)
    net-http-persistent (2.9.4)
    nokogiri (1.5.5)
    ntlm-http (0.1.1)
    plek (1.11.0)
    rack (1.6.4)
    rack-test (0.6.3)
      rack (>= 1.0)
    rake (0.9.2.2)
    rest-client (1.6.7)
      mime-types (>= 1.16)
    rspec (2.11.0)
      rspec-core (~> 2.11.0)
      rspec-expectations (~> 2.11.0)
      rspec-mocks (~> 2.11.0)
    rspec-core (2.11.1)
    rspec-expectations (2.11.3)
      diff-lcs (~> 1.1.3)
    rspec-mocks (2.11.3)
    rubyzip (1.2.0)
    selenium-webdriver (2.53.0)
      childprocess (~> 0.5)
      rubyzip (~> 1.0)
      websocket (~> 1.0)
    unf (0.1.4)
      unf_ext
    unf_ext (0.0.7.2)
    webrobots (0.1.2)
    websocket (1.2.3)
    xpath (0.1.4)
      nokogiri (~> 1.3)

PLATFORMS
  ruby

DEPENDENCIES
  capybara (= 1.1.2)
  capybara-mechanize (= 0.3.0)
  cucumber (= 1.2.5)
  minitest (= 5.8.4)
  nokogiri (= 1.5.5)
  plek (= 1.11.0)
  rake (= 0.9.2.2)
  rest-client (= 1.6.7)
  rspec (= 2.11.0)

BUNDLED WITH
   1.12.5
